GIT
  remote: https://github.com/kvokka/impersonator
  revision: 932ba32dd576b3e7947330908208431b6fdcea24
  specs:
    impersonator (0.1.3.2)
      zeitwerk (>= 2.4.0, < 3.0)

PATH
  remote: .
  specs:
    interactive_brokers (0.0.1)
      bundler (>= 1.17, < 3.0)
      interactive_brokers_common (= 0.0.1)
      interactive_brokers_generator (= 0.0.1)
      interactive_brokers_proxy (= 0.0.1)
    interactive_brokers_common (0.0.1)
    interactive_brokers_generator (0.0.1)
      activesupport (>= 6.0.0, < 7.0)
      interactive_brokers_common (= 0.0.1)
    interactive_brokers_proxy (0.0.1)
      activesupport (>= 6.0.0, < 7.0)
      commander (>= 4.5.0, < 5.0)
      interactive_brokers_common (= 0.0.1)
      puma (~> 5.0.0)
      rake (>= 13.0)
      sinatra (~> 2.1.0)
      sinatra-router (~> 0.2.4)

GEM
  remote: https://rubygems.org/
  specs:
    activesupport (6.0.3.4)
      concurrent-ruby (~> 1.0, >= 1.0.2)
      i18n (>= 0.7, < 2)
      minitest (~> 5.1)
      tzinfo (~> 1.1)
      zeitwerk (~> 2.2, >= 2.2.2)
    ast (2.4.1)
    coderay (1.1.3)
    commander (4.5.2)
      highline (~> 2.0.0)
    concurrent-ruby (1.1.7)
    diff-lcs (1.4.4)
    ffi (1.13.1-java)
    highline (2.0.3)
    i18n (1.8.5)
      concurrent-ruby (~> 1.0)
    method_source (1.0.0)
    minitest (5.14.2)
    mustermann (1.1.1)
      ruby2_keywords (~> 0.0.1)
    nio4r (2.5.4-java)
    parallel (1.19.2)
    parser (2.7.2.0)
      ast (~> 2.4.1)
    pry (0.13.1-java)
      coderay (~> 1.1)
      method_source (~> 1.0)
      spoon (~> 0.0)
    puma (5.0.4-java)
      nio4r (~> 2.0)
    rack (2.2.3)
    rack-protection (2.1.0)
      rack
    rack-test (1.1.0)
      rack (>= 1.0, < 3)
    rainbow (3.0.0)
    rake (13.0.1)
    regexp_parser (1.8.2)
    rexml (3.2.4)
    rspec (3.10.0)
      rspec-core (~> 3.10.0)
      rspec-expectations (~> 3.10.0)
      rspec-mocks (~> 3.10.0)
    rspec-core (3.10.0)
      rspec-support (~> 3.10.0)
    rspec-expectations (3.10.0)
      diff-lcs (>= 1.2.0, < 2.0)
      rspec-support (~> 3.10.0)
    rspec-mocks (3.10.0)
      diff-lcs (>= 1.2.0, < 2.0)
      rspec-support (~> 3.10.0)
    rspec-support (3.10.0)
    rspec_junit_formatter (0.4.1)
      rspec-core (>= 2, < 4, != 2.12.0)
    rubocop (1.2.0)
      parallel (~> 1.10)
      parser (>= 2.7.1.5)
      rainbow (>= 2.2.2, < 4.0)
      regexp_parser (>= 1.8)
      rexml
      rubocop-ast (>= 1.0.1)
      ruby-progressbar (~> 1.7)
      unicode-display_width (>= 1.4.0, < 2.0)
    rubocop-ast (1.1.1)
      parser (>= 2.7.1.5)
    rubocop-rspec (2.0.0)
      rubocop (~> 1.0)
      rubocop-ast (>= 1.1.0)
    ruby-progressbar (1.10.1)
    ruby2_keywords (0.0.2)
    sinatra (2.1.0)
      mustermann (~> 1.0)
      rack (~> 2.2)
      rack-protection (= 2.1.0)
      tilt (~> 2.0)
    sinatra-router (0.2.4)
      sinatra (>= 1.4, < 3.0)
    spoon (0.0.6)
      ffi
    thread_safe (0.3.6-java)
    tilt (2.0.10)
    tzinfo (1.2.7)
      thread_safe (~> 0.1)
    unicode-display_width (1.7.0)
    zeitwerk (2.4.1)

PLATFORMS
  java

DEPENDENCIES
  impersonator (~> 0.1.3.2)!
  interactive_brokers!
  pry
  rack-test (~> 1.1.0)
  rspec (>= 3.10.0, < 4.0)
  rspec_junit_formatter
  rubocop
  rubocop-rspec (~> 2.0.0)

RUBY VERSION
   ruby 2.5.7p0 (jruby 9.2.13.0)

BUNDLED WITH
   2.1.4
